GEM
  specs:
    domain_name (0.5.25)
      unf (>= 0.0.5, < 1.0.0)
    geocoder (1.2.12)
    http-cookie (1.0.2)
      domain_name (~> 0.5)
    mime-types (2.3)
    netrc (0.7.8)
    rack (1.5.2)
    rack-protection (1.5.3)
      rack
    rest-client (1.8.0)
      http-cookie (>= 1.0.2, < 2.0)
      mime-types (>= 1.16, < 3.0)
      netrc (~> 0.7)
    sinatra (1.4.6)
      rack (~> 1.4)
      rack-protection (~> 1.4)
      tilt (>= 1.3, < 3)
    tilt (1.4.1)
    unf (0.1.4)
      unf_ext
    unf_ext (0.0.7.1)

PLATFORMS
  ruby

DEPENDENCIES
  geocoder
  rest-client
  sinatra

BUNDLED WITH
   1.11.0
